PATH
  remote: .
  specs:
    rails-server-monitor (0.2.1)
      chartkick
      groupdate
      psm-ruby-stats (~> 1.0, >= 1.0.4)
      rails (>= 6.0.0, < 8)
      sys-cpu (~> 1.0, >= 1.0.3)
      vidibus-sysinfo (~> 1.2)
      view_component
      webpacker (>= 6.0.0.beta.7, < 7.0.0)

GEM
  remote: https://rubygems.org/
  specs:
    actioncable (7.0.0)
      actionpack (= 7.0.0)
      activesupport (= 7.0.0)
      nio4r (~> 2.0)
      websocket-driver (>= 0.6.1)
    actionmailbox (7.0.0)
      actionpack (= 7.0.0)
      activejob (= 7.0.0)
      activerecord (= 7.0.0)
      activestorage (= 7.0.0)
      activesupport (= 7.0.0)
      mail (>= 2.7.1)
    actionmailer (7.0.0)
      actionpack (= 7.0.0)
      actionview (= 7.0.0)
      activejob (= 7.0.0)
      activesupport (= 7.0.0)
      mail (~> 2.5, >= 2.5.4)
      rails-dom-testing (~> 2.0)
    actionpack (7.0.0)
      actionview (= 7.0.0)
      activesupport (= 7.0.0)
      rack (~> 2.0, >= 2.2.0)
      rack-test (>= 0.6.3)
      rails-dom-testing (~> 2.0)
      rails-html-sanitizer (~> 1.0, >= 1.2.0)
    actiontext (7.0.0)
      actionpack (= 7.0.0)
      activerecord (= 7.0.0)
      activestorage (= 7.0.0)
      activesupport (= 7.0.0)
      globalid (>= 0.6.0)
      nokogiri (>= 1.8.5)
    actionview (7.0.0)
      activesupport (= 7.0.0)
      builder (~> 3.1)
      erubi (~> 1.4)
      rails-dom-testing (~> 2.0)
      rails-html-sanitizer (~> 1.1, >= 1.2.0)
    activejob (7.0.0)
      activesupport (= 7.0.0)
      globalid (>= 0.3.6)
    activemodel (7.0.0)
      activesupport (= 7.0.0)
    activerecord (7.0.0)
      activemodel (= 7.0.0)
      activesupport (= 7.0.0)
    activestorage (7.0.0)
      actionpack (= 7.0.0)
      activejob (= 7.0.0)
      activerecord (= 7.0.0)
      activesupport (= 7.0.0)
      marcel (~> 1.0)
      mini_mime (>= 1.1.0)
    activesupport (7.0.0)
      concurrent-ruby (~> 1.0, >= 1.0.2)
      i18n (>= 1.6, < 2)
      minitest (>= 5.1)
      tzinfo (~> 2.0)
    ast (2.4.2)
    builder (3.2.4)
    bundler-audit (0.9.0.1)
      bundler (>= 1.2.0, < 3)
      thor (~> 1.0)
    chartkick (4.1.2)
    concurrent-ruby (1.1.9)
    crass (1.0.6)
    diff-lcs (1.4.4)
    erubi (1.10.0)
    ffi (1.15.3)
    globalid (1.0.0)
      activesupport (>= 5.0)
    groupdate (5.2.4)
      activesupport (>= 5)
    i18n (1.8.11)
      concurrent-ruby (~> 1.0)
    loofah (2.13.0)
      crass (~> 1.0.2)
      nokogiri (>= 1.5.9)
    mail (2.7.1)
      mini_mime (>= 0.1.1)
    marcel (1.0.2)
    method_source (1.0.0)
    mini_mime (1.1.2)
    minitest (5.15.0)
    nio4r (2.5.8)
    nokogiri (1.12.5-x86_64-linux)
      racc (~> 1.4)
    parallel (1.21.0)
    parser (3.0.2.0)
      ast (~> 2.4.1)
    psm-ruby-stats (1.1.0)
      usagewatch (~> 0.0.7)
    racc (1.6.0)
    rack (2.2.3)
    rack-proxy (0.7.0)
      rack
    rack-test (1.1.0)
      rack (>= 1.0, < 3)
    rails (7.0.0)
      actioncable (= 7.0.0)
      actionmailbox (= 7.0.0)
      actionmailer (= 7.0.0)
      actionpack (= 7.0.0)
      actiontext (= 7.0.0)
      actionview (= 7.0.0)
      activejob (= 7.0.0)
      activemodel (= 7.0.0)
      activerecord (= 7.0.0)
      activestorage (= 7.0.0)
      activesupport (= 7.0.0)
      bundler (>= 1.15.0)
      railties (= 7.0.0)
    rails-dom-testing (2.0.3)
      activesupport (>= 4.2.0)
      nokogiri (>= 1.6)
    rails-html-sanitizer (1.4.2)
      loofah (~> 2.3)
    railties (7.0.0)
      actionpack (= 7.0.0)
      activesupport (= 7.0.0)
      method_source
      rake (>= 12.2)
      thor (~> 1.0)
      zeitwerk (~> 2.5)
    rainbow (3.0.0)
    rake (13.0.6)
    regexp_parser (2.1.1)
    rexml (3.2.5)
    rspec-core (3.10.1)
      rspec-support (~> 3.10.0)
    rspec-expectations (3.10.1)
      diff-lcs (>= 1.2.0, < 2.0)
      rspec-support (~> 3.10.0)
    rspec-mocks (3.10.2)
      diff-lcs (>= 1.2.0, < 2.0)
      rspec-support (~> 3.10.0)
    rspec-rails (5.0.2)
      actionpack (>= 5.2)
      activesupport (>= 5.2)
      railties (>= 5.2)
      rspec-core (~> 3.10)
      rspec-expectations (~> 3.10)
      rspec-mocks (~> 3.10)
      rspec-support (~> 3.10)
    rspec-support (3.10.2)
    rubocop (1.23.0)
      parallel (~> 1.10)
      parser (>= 3.0.0.0)
      rainbow (>= 2.2.2, < 4.0)
      regexp_parser (>= 1.8, < 3.0)
      rexml
      rubocop-ast (>= 1.12.0, < 2.0)
      ruby-progressbar (~> 1.7)
      unicode-display_width (>= 1.4.0, < 3.0)
    rubocop-ast (1.13.0)
      parser (>= 3.0.1.1)
    rubocop-minitest (0.16.0)
      rubocop (>= 0.90, < 2.0)
    rubocop-packaging (0.5.1)
      rubocop (>= 0.89, < 2.0)
    rubocop-performance (1.12.0)
      rubocop (>= 1.7.0, < 2.0)
      rubocop-ast (>= 0.4.0)
    rubocop-rails (2.12.4)
      activesupport (>= 4.2.0)
      rack (>= 1.1)
      rubocop (>= 1.7.0, < 2.0)
    rubocop-rails_config (1.7.5)
      railties (>= 5.0)
      rubocop (>= 1.19)
      rubocop-ast (>= 1.0.1)
      rubocop-minitest (~> 0.15)
      rubocop-packaging (~> 0.5)
      rubocop-performance (~> 1.11)
      rubocop-rails (~> 2.0)
    ruby-progressbar (1.11.0)
    semantic_range (3.0.0)
    sqlite3 (1.4.2)
    sys-cpu (1.0.3)
      ffi (~> 1.1)
    thor (1.1.0)
    tzinfo (2.0.4)
      concurrent-ruby (~> 1.0)
    unicode-display_width (2.1.0)
    usagewatch (0.0.7)
    vidibus-sysinfo (1.2.0)
    view_component (2.47.0)
      activesupport (>= 5.0.0, < 8.0)
      method_source (~> 1.0)
    webpacker (6.0.0.rc.6)
      activesupport (>= 5.2)
      rack-proxy (>= 0.6.1)
      railties (>= 5.2)
      semantic_range (>= 2.3.0)
    websocket-driver (0.7.5)
      websocket-extensions (>= 0.1.0)
    websocket-extensions (0.1.5)
    zeitwerk (2.5.1)

PLATFORMS
  x86_64-linux

DEPENDENCIES
  bundler
  bundler-audit
  rails-server-monitor!
  rspec-rails
  rubocop-rails_config
  sqlite3
  webpacker

BUNDLED WITH
   2.2.24
